GEM
  remote: https://rubygems.org/
  specs:
    CFPropertyList (3.0.3)
    addressable (2.7.0)
      public_suffix (>= 2.0.2, < 5.0)
    atomos (0.1.3)
    babosa (1.0.2)
    cert (1.4.4)
      fastlane_core (>= 0.55.0, < 1.0.0)
      spaceship (>= 0.37.0, < 1.0.0)
    claide (1.0.3)
    colored (1.2)
    colored2 (3.1.2)
    commander (4.5.2)
      highline (~> 2.0.0)
    credentials_manager (0.16.4)
      colored
      commander (>= 4.3.5)
      highline (>= 1.7.1)
      security
    deliver (1.16.1)
      credentials_manager (>= 0.16.2, < 1.0.0)
      fastimage (~> 1.6)
      fastlane_core (>= 0.58.0, < 1.0.0)
      plist (>= 3.1.0, < 4.0.0)
      spaceship (>= 0.38.5, < 1.0.0)
    domain_name (0.5.20190701)
      unf (>= 0.0.5, < 1.0.0)
    dotenv (2.7.6)
    excon (0.78.1)
    faraday (0.17.3)
      multipart-post (>= 1.2, < 3)
    faraday-cookie_jar (0.0.7)
      faraday (>= 0.8.0)
      http-cookie (~> 1.0.0)
    faraday_middleware (0.14.0)
      faraday (>= 0.7.4, < 1.0)
    fastimage (1.6.8)
      addressable (~> 2.3, >= 2.3.5)
    fastlane (1.92.0)
      addressable (~> 2.3)
      cert (>= 1.4.1, < 2.0.0)
      credentials_manager (>= 0.16.0, < 1.0.0)
      deliver (>= 1.11.3, < 2.0.0)
      fastlane_core (>= 0.44.2, < 1.0.0)
      frameit (>= 2.6.2, < 3.0.0)
      gym (>= 1.6.3, < 2.0.0)
      krausefx-shenzhen (>= 0.14.7)
      match (>= 0.6.0, < 1.0.0)
      multipart-post (~> 2.0.0)
      pem (>= 1.3.1, < 2.0.0)
      pilot (>= 1.7.0, < 2.0.0)
      plist (~> 3.1.0)
      produce (>= 1.1.2, < 2.0.0)
      scan (>= 0.7.1, < 1.0.0)
      screengrab (>= 0.3.2, < 1.0.0)
      sigh (>= 1.8.0, < 2.0.0)
      slack-notifier (~> 1.3)
      snapshot (>= 1.12.1, < 2.0.0)
      spaceship (>= 0.27.1, < 1.0.0)
      supply (>= 0.7.0, < 1.0.0)
      terminal-notifier (~> 1.6.2)
      terminal-table (~> 1.4.5)
      xcode-install (~> 1.4.0)
      xcodeproj (>= 0.20, < 2.0.0)
      xcpretty (>= 0.2.1)
    fastlane_core (0.59.0)
      colored
      commander (>= 4.4.0, <= 5.0.0)
      credentials_manager (>= 0.16.2, < 1.0.0)
      excon (>= 0.45.0, < 1.0)
      gh_inspector (>= 1.0.1, < 2.0.0)
      highline (>= 1.7.2)
      json
      multi_json
      plist (>= 3.1.0, < 4.0.0)
      rubyzip (~> 1.1.6)
      terminal-table (>= 1.4.5, < 2.0.0)
    frameit (2.8.0)
      deliver (> 0.3)
      fastimage (~> 1.6.3)
      fastlane_core (>= 0.52.1, < 1.0.0)
      mini_magick (~> 4.5.1)
    gh_inspector (1.1.3)
    google-api-client (0.9.4)
      addressable (~> 2.3)
      googleauth (~> 0.5)
      httpclient (~> 2.7)
      hurley (~> 0.1)
      memoist (~> 0.11)
      mime-types (>= 1.6)
      representable (~> 2.3.0)
      retriable (~> 2.0)
      thor (~> 0.19)
    googleauth (0.14.0)
      faraday (>= 0.17.3, < 2.0)
      jwt (>= 1.4, < 3.0)
      memoist (~> 0.16)
      multi_json (~> 1.11)
      os (>= 0.9, < 2.0)
      signet (~> 0.14)
    gym (1.12.1)
      fastlane_core (>= 0.57.0, < 1.0.0)
      plist (>= 3.1.0, < 4.0.0)
      rubyzip (>= 1.1.7)
      terminal-table (>= 1.4.5, < 2.0.0)
      xcpretty (>= 0.2.4, < 1.0.0)
    highline (2.0.3)
    http-cookie (1.0.3)
      domain_name (~> 0.5)
    httpclient (2.8.3)
    hurley (0.2)
    json (1.8.6)
    jwt (2.2.2)
    krausefx-shenzhen (0.14.11)
      commander (>= 4.3, < 5.0)
      dotenv (>= 0.7)
      faraday (~> 0.9)
      faraday_middleware (~> 0.9)
      highline (>= 1.7.2)
      json (~> 1.8)
      net-sftp (~> 2.1.2)
      plist (>= 3.1.0, < 4.0.0)
      rubyzip (~> 1.1)
      security (~> 0.1.3)
      terminal-table (~> 1.4.5)
    match (0.11.1)
      cert (>= 1.4.4, < 2.0.0)
      credentials_manager (>= 0.16.2, < 1.0.0)
      fastlane_core (>= 0.58.0, < 1.0.0)
      security
      sigh (>= 1.12.1, < 2.0.0)
      spaceship (>= 0.38.5, < 1.0.0)
    memoist (0.16.2)
    mime-types (3.3.1)
      mime-types-data (~> 3.2015)
    mime-types-data (3.2020.1104)
    mini_magick (4.5.1)
    multi_json (1.15.0)
    multi_xml (0.6.0)
    multipart-post (2.0.0)
    nanaimo (0.3.0)
    net-sftp (2.1.2)
      net-ssh (>= 2.6.5)
    net-ssh (6.1.0)
    os (1.1.1)
    pem (1.4.1)
      fastlane_core (>= 0.58.0, < 1.0.0)
      spaceship (>= 0.38.5, < 1.0.0)
    pilot (1.12.1)
      credentials_manager (>= 0.16.0)
      fastlane_core (>= 0.56.0, < 1.0.0)
      spaceship (>= 0.37.0, < 1.0.0)
      terminal-table (>= 1.4.5, < 2.0.0)
    plist (3.1.0)
    produce (1.3.2)
      fastlane_core (>= 0.57.2, < 1.0.0)
      spaceship (>= 0.38.4, < 1.0.0)
    public_suffix (4.0.6)
    representable (2.3.0)
      uber (~> 0.0.7)
    retriable (2.1.0)
    rexml (3.2.4)
    rouge (2.0.7)
    rubyzip (1.1.7)
    scan (0.14.2)
      fastlane_core (>= 0.57.0, < 1.0.0)
      slack-notifier (~> 1.3)
      terminal-table (>= 1.4.5, < 2.0.0)
      xcpretty (>= 0.2.4, < 1.0.0)
      xcpretty-travis-formatter (>= 0.0.3)
    screengrab (0.5.6)
      fastlane_core (>= 0.55.0, < 1.0.0)
    security (0.1.3)
    sigh (1.12.1)
      fastlane_core (>= 0.57.2, < 1.0.0)
      plist (>= 3.1.0, < 4.0.0)
      spaceship (>= 0.38.4, < 1.0.0)
    signet (0.14.0)
      addressable (~> 2.3)
      faraday (>= 0.17.3, < 2.0)
      jwt (>= 1.5, < 3.0)
      multi_json (~> 1.10)
    slack-notifier (1.5.1)
    snapshot (1.16.4)
      fastimage (~> 1.6.3)
      fastlane_core (>= 0.57.0, < 1.0.0)
      plist (>= 3.1.0, < 4.0.0)
      xcpretty (>= 0.2.4, < 1.0.0)
    spaceship (0.39.0)
      babosa (= 1.0.2)
      colored
      credentials_manager (>= 0.16.0)
      faraday (~> 0.9)
      faraday-cookie_jar (~> 0.0.6)
      faraday_middleware (~> 0.9)
      fastimage (>= 1.6)
      multi_xml (~> 0.5)
      plist (>= 3.1.0, < 4.0.0)
    supply (0.8.0)
      credentials_manager (>= 0.16.0)
      fastlane_core (>= 0.52.0)
      google-api-client (~> 0.9.1)
    terminal-notifier (1.6.3)
    terminal-table (1.4.5)
    thor (0.20.3)
    uber (0.0.15)
    unf (0.1.4)
      unf_ext
    unf_ext (0.0.7.7)
    xcode-install (1.4.0)
      claide (>= 0.9.1, < 1.1.0)
      spaceship (>= 0.25.1, < 1.0.0)
    xcodeproj (1.19.0)
      CFPropertyList (>= 2.3.3, < 4.0)
      atomos (~> 0.1.3)
      claide (>= 1.0.2, < 2.0)
      colored2 (~> 3.1)
      nanaimo (~> 0.3.0)
    xcpretty (0.3.0)
      rouge (~> 2.0.7)
    xcpretty-travis-formatter (1.0.1)
      xcpretty (~> 0.2, >= 0.0.7)

PLATFORMS
  x86_64-linux

DEPENDENCIES
  fastlane
  rexml

BUNDLED WITH
   2.2.5
